GEM
  remote: http://rubygems.org/
  specs:
    addressable (2.2.6)
    interact (0.3)
    json_pure (1.5.4)
      spruz (~> 0.2.8)
    mime-types (1.17.2)
    rest-client (1.6.7)
      mime-types (>= 1.16)
    rubyzip2 (2.0.2)
    spruz (0.2.13)
    terminal-table (1.4.4)
    vmc (0.3.15.beta.1)
      addressable (~> 2.2.6)
      interact (~> 0.3.0)
      json_pure (~> 1.5.1)
      rest-client (>= 1.6.1, < 1.7.0)
      rubyzip2 (~> 2.0.1)
      terminal-table (~> 1.4.2)

PLATFORMS
  ruby

DEPENDENCIES
  json_pure
  vmc
